GIT
  remote: git://github.com/victormours/chaplin.git
  revision: ac2d2a022561ff1bf53477d55240d5a893232699
  specs:
    chaplin (0.0.0)
      faraday
      mustache
      rack
      sinatra

GEM
  remote: https://rubygems.org/
  specs:
    faraday (0.9.0)
      multipart-post (>= 1.2, < 3)
    multipart-post (2.0.0)
    mustache (0.99.7)
    rack (1.5.2)
    rack-protection (1.5.3)
      rack
    sinatra (1.4.5)
      rack (~> 1.4)
      rack-protection (~> 1.4)
      tilt (~> 1.3, >= 1.3.4)
    tilt (1.4.1)

PLATFORMS
  ruby

DEPENDENCIES
  chaplin!
  rack
